GEM
  remote: https://rubygems.org/
  specs:
    faraday (2.7.10)
      faraday-net_http (>= 2.0, < 3.1)
      ruby2_keywords (>= 0.0.4)
    faraday-net_http (3.0.2)
    ruby2_keywords (0.0.5)

PLATFORMS
  x86_64-darwin-22

DEPENDENCIES
  faraday

BUNDLED WITH
   2.4.19
